GIT
  remote: git://github.com/hosh/interactor.git
  revision: 7ab90a0c35c21633165ff10336c4c3cd60cf9149
  branch: hosh/experiment-composability
  specs:
    functional_interactor (0.0.1)
      activesupport (~> 4.2)

GEM
  remote: https://rubygems.org/
  specs:
    activesupport (4.2.6)
      i18n (~> 0.7)
      json (~> 1.7, >= 1.7.7)
      minitest (~> 5.1)
      thread_safe (~> 0.3, >= 0.3.4)
      tzinfo (~> 1.1)
    awesome_print (1.6.1)
    i18n (0.7.0)
    interactor (3.1.0)
    json (1.8.3)
    kase (0.1.3)
    map (6.6.0)
    minitest (5.8.4)
    rlet (0.8.0)
    thread_safe (0.3.5)
    tzinfo (1.2.2)
      thread_safe (~> 0.1)

PLATFORMS
  ruby

DEPENDENCIES
  awesome_print
  functional_interactor!
  interactor (~> 3.0)
  kase (= 0.1.3)
  map
  rlet

BUNDLED WITH
   1.11.2
