GIT
  remote: git://github.com/lasseebert/kase.git
  revision: bc94c7add9dd10a6b13eab2253978ba7af1f0e65
  branch: 6_dsl_changes
  specs:
    kase (0.1.2)

PATH
  remote: ../interactor
  specs:
    interactor (3.1.0)
      activesupport (~> 4.2)
      hosh-kase

GEM
  remote: https://rubygems.org/
  specs:
    activesupport (4.2.6)
      i18n (~> 0.7)
      json (~> 1.7, >= 1.7.7)
      minitest (~> 5.1)
      thread_safe (~> 0.3, >= 0.3.4)
      tzinfo (~> 1.1)
    hosh-kase (0.1.0)
    i18n (0.7.0)
    json (1.8.3)
    map (6.6.0)
    minitest (5.8.4)
    rlet (0.8.0)
    thread_safe (0.3.5)
    tzinfo (1.2.2)
      thread_safe (~> 0.1)

PLATFORMS
  ruby

DEPENDENCIES
  interactor!
  kase!
  map
  rlet

BUNDLED WITH
   1.11.2
