GIT
  remote: git://github.com/hosh/interactor.git
  revision: 1e9335b0af0a88edc69fba1ce9391fcb7af84acc
  branch: hosh/experiment-composability
  specs:
    interactor (3.1.0)
      activesupport (~> 4.2)

GIT
  remote: git://github.com/hosh/kase.git
  revision: b7cac1c481a55677121c1afa435e8aef3f4f86cb
  branch: hosh/caller-experiment
  specs:
    kase (0.1.0)

GEM
  remote: https://rubygems.org/
  specs:
    activesupport (4.2.6)
      i18n (~> 0.7)
      json (~> 1.7, >= 1.7.7)
      minitest (~> 5.1)
      thread_safe (~> 0.3, >= 0.3.4)
      tzinfo (~> 1.1)
    i18n (0.7.0)
    json (1.8.3)
    map (6.6.0)
    minitest (5.8.4)
    rlet (0.8.0)
    thread_safe (0.3.5)
    tzinfo (1.2.2)
      thread_safe (~> 0.1)

PLATFORMS
  ruby

DEPENDENCIES
  interactor!
  kase!
  map
  rlet

BUNDLED WITH
   1.11.2
